{
	"TaskName": "imagery",
	"Manufacturer": "Brain Products",
	"PowerLineFrequency": 50.0,
	"SamplingFrequency": 200.0,
	"SoftwareFilters": {
		"preprocessing_steps": {
			"Description": "common average reference, bandpass filtering (0.5-50 Hz), ICA-based EOG rejection, downsampling to 200 Hz"
		}
	},
	"RecordingDuration": 606.995,
	"RecordingType": "continuous",
	"EEGReference": "linked mastoids",
	"EEGGround": "Fz",
	"EEGPlacementScheme": "10-5",
	"EEGChannelCount": 30,
	"EOGChannelCount": 2,
	"ECGChannelCount": 0,
	"EMGChannelCount": 0,
	"TriggerChannelCount": 0,
	"ManufacturersModelName": "BrainAmp",
	"SoftwareVersions": "MATLAB R2013b",
	"CapManufacturer": "EASYCAP GmbH",
	"CapManufacturersModelName": "custom-made stretchy fabric cap",
	"HardwareFilters": {
		"Bandpass": {
			"LowCutoffFrequency": 0.5,
			"HighCutoffFrequency": 50.0,
			"Type": "Chebyshev type II",
			"Order": 4
		}
	},
	"TaskDescription": "Dataset B: mental arithmetic (serial subtraction of one-digit number) versus baseline/rest task Trial duration: 10.0s.",
	"Instructions": "For the MA task, subjects memorized an initial subtraction (three-digit minus one-digit) displayed for 2s, then repeatedly subtracted the one-digit number from each result. For baseline, subjects rested with no specific thought.",
	"CogAtlasID": "https://www.cognitiveatlas.org/task/id/trm_4c8a834779883/",
	"InstitutionName": "Berlin Institute of Technology",
	"InstitutionAddress": "10587 Berlin, Germany",
	"InstitutionalDepartmentName": "Department of Computer Science, Machine Learning Group",
	"SubjectArtefactDescription": "n/a",
	"DeviceSerialNumber": "n/a",
	"Description": "Open access dataset for hybrid brain-computer interfaces using EEG and NIRS with motor imagery and mental arithmetic tasks",
	"MISCChannelCount": 0
}